GEM
  remote: https://rubygems.org/
  specs:
    asrake (0.14.1)
      nokogiri (~> 1.5)
      rake (>= 0.9, < 11.0)
      rubyzip (~> 0.9)
    builder (3.2.2)
    cucumber (0.10.7)
      builder (>= 2.1.2)
      diff-lcs (>= 1.1.2)
      gherkin (~> 2.4.0)
      json (>= 1.4.6)
      term-ansicolor (>= 1.0.5)
    diff-lcs (1.2.5)
    gherkin (2.4.21)
      json (>= 1.4.6)
    json (1.8.1)
    mini_portile (0.5.2)
    nokogiri (1.6.1)
      mini_portile (~> 0.5.0)
    rake (10.1.1)
    rspec (2.14.1)
      rspec-core (~> 2.14.0)
      rspec-expectations (~> 2.14.0)
      rspec-mocks (~> 2.14.0)
    rspec-core (2.14.7)
    rspec-expectations (2.14.4)
      diff-lcs (>= 1.1.3, < 2.0)
    rspec-mocks (2.14.4)
    rubyzip (0.9.9)
    term-ansicolor (1.2.2)
      tins (~> 0.8)
    tins (0.13.1)
    zip (2.0.2)

PLATFORMS
  ruby

DEPENDENCIES
  asrake (~> 0.14.1)
  cucumber (~> 0.10.0)
  rspec (~> 2.14.1)
  zip (~> 2.0.2)
